PATH
  remote: .
  specs:
    impraise-worker (0.1.0)
      disc
      rb-inotify
      rethinkdb
      thor

GEM
  remote: https://rubygems.org/
  specs:
    ast (2.3.0)
    clap (1.0.0)
    diff-lcs (1.3)
    disc (0.2.0)
      clap (~> 1.0)
      disque (~> 0.0.6)
    disque (0.0.6)
      redic (~> 1.5.0)
    ffi (1.9.18)
    hiredis (0.6.1)
    parallel (1.12.0)
    parser (2.4.0.0)
      ast (~> 2.2)
    powerpack (0.1.1)
    rainbow (2.2.2)
      rake
    rake (10.5.0)
    rb-inotify (0.9.10)
      ffi (>= 0.5.0, < 2)
    redic (1.5.0)
      hiredis
    rethinkdb (2.3.0.2)
    rspec (3.6.0)
      rspec-core (~> 3.6.0)
      rspec-expectations (~> 3.6.0)
      rspec-mocks (~> 3.6.0)
    rspec-core (3.6.0)
      rspec-support (~> 3.6.0)
    rspec-expectations (3.6.0)
      diff-lcs (>= 1.2.0, < 2.0)
      rspec-support (~> 3.6.0)
    rspec-mocks (3.6.0)
      diff-lcs (>= 1.2.0, < 2.0)
      rspec-support (~> 3.6.0)
    rspec-support (3.6.0)
    rubocop (0.50.0)
      parallel (~> 1.10)
      parser (>= 2.3.3.1, < 3.0)
      powerpack (~> 0.1)
      rainbow (>= 2.2.2, < 3.0)
      ruby-progressbar (~> 1.7)
      unicode-display_width (~> 1.0, >= 1.0.1)
    ruby-progressbar (1.8.3)
    thor (0.20.0)
    unicode-display_width (1.3.0)

PLATFORMS
  ruby

DEPENDENCIES
  bundler (~> 1.13)
  impraise-worker!
  rspec
  rubocop (~> 0.48)

BUNDLED WITH
   1.15.4
